

GROUP addins
FRAMEWORK: >= NET45
NUGET
  remote: https://www.nuget.org/api/v2
    Cake.Codecov (0.1)
      Cake.Core (>= 0.19.1)
    Cake.Core (0.19.5)
    Cake.Coveralls (0.2.1)
    Cake.DocFx (0.1.6)
    Cake.Figlet (0.3.1)
      Cake.Core (>= 0.14)
    Cake.FileHelpers (1.0.3.2)
      Cake.Core (>= 0.7)
    Cake.Paket (1.2)
    Cake.ReSharperReports (0.5.1)

GROUP cake.paket
FRAMEWORK: >= NET45
NUGET
  remote: https://www.nuget.org/api/v2
    Cake.Core (0.17)
    StyleCop.Analyzers (1.0)

GROUP cake.paket.unittests
FRAMEWORK: >= NET45
NUGET
  remote: https://www.nuget.org/api/v2
    Cake.Core (0.17)
    Cake.Testing (0.17)
      Cake.Core (>= 0.17)
      xunit.core (>= 2.2.0-beta2-build3300)
    FluentAssertions (4.18)
    NSubstitute (1.10)
    xunit (2.2.0-beta4-build3444)
      xunit.assert (2.2.0-beta4-build3444)
      xunit.core (2.2.0-beta4-build3444)
    xunit.abstractions (2.0.1)
    xunit.assert (2.2.0-beta4-build3444)
    xunit.core (2.2.0-beta4-build3444)
      xunit.extensibility.core (2.2.0-beta4-build3444)
      xunit.extensibility.execution (2.2.0-beta4-build3444)
    xunit.extensibility.core (2.2.0-beta4-build3444)
    xunit.extensibility.execution (2.2.0-beta4-build3444)

GROUP modules
FRAMEWORK: >= NET45
NUGET
  remote: https://www.nuget.org/api/v2
    Cake.Paket.Module (1.2)

GROUP tools
FRAMEWORK: >= NET45
NUGET
  remote: https://www.nuget.org/api/v2
    Cake (0.17)
    Codecov (1.0)
    coveralls.net (0.7)
    docfx.console (2.9.3)
    gitreleasemanager (0.6)
    GitVersion.CommandLine (3.6.5)
    JetBrains.ReSharper.CommandLineTools (2016.3.20161223.160402)
    OpenCover (4.6.519)
    ReSharperReports (0.3)
    xunit.runner.console (2.1)
