

GROUP addins
RESTRICTION: == net45
NUGET
  remote: https://www.nuget.org/api/v2
    Cake.Codecov (0.2.1)
      Cake.Core (>= 0.17)
    Cake.Core (0.29)
    Cake.Figlet (0.4)
      Cake.Core (>= 0.17)
    Cake.Paket (3.0)

GROUP cake.paket
RESTRICTION: == net46
NUGET
  remote: https://www.nuget.org/api/v2
    StyleCop.Analyzers (1.0.2)

GROUP cake.paket.addin
RESTRICTION: == net46
NUGET
  remote: https://www.nuget.org/api/v2
    Cake.Core (0.26.1)

GROUP cake.paket.Module
RESTRICTION: == net46
NUGET
  remote: https://www.nuget.org/api/v2
    Cake.Core (0.29)
    Cake.NuGet (0.20)
      Cake.Core (>= 0.20)
      NuGet.Core (>= 2.14)
    Microsoft.Web.Xdt (2.1.2)
    NuGet.Core (2.14)
      Microsoft.Web.Xdt (>= 2.1)

GROUP cake.paket.unittests
RESTRICTION: == net46
NUGET
  remote: https://www.nuget.org/api/v2
    Cake.Core (0.29)
    Cake.NuGet (0.29)
      Cake.Core (>= 0.29)
      Newtonsoft.Json (>= 11.0.2)
      NuGet.Frameworks (>= 4.6)
      NuGet.PackageManagement (>= 4.6)
      NuGet.ProjectModel (>= 4.6)
      NuGet.Versioning (>= 4.6)
    Cake.Testing (0.29)
      Cake.Core (>= 0.29)
    Castle.Core (4.3.1)
    FluentAssertions (4.19.4)
    Microsoft.Web.Xdt (2.1.2)
    Newtonsoft.Json (11.0.2)
    NSubstitute (3.1)
      Castle.Core (>= 4.2)
      System.Threading.Tasks.Extensions (>= 4.3)
    NuGet.Commands (4.7)
      NuGet.Credentials (>= 4.7)
      NuGet.ProjectModel (>= 4.7)
    NuGet.Common (4.7)
      NuGet.Frameworks (>= 4.7)
    NuGet.Configuration (4.7)
      NuGet.Common (>= 4.7)
    NuGet.Credentials (4.7)
      NuGet.Protocol (>= 4.7)
    NuGet.DependencyResolver.Core (4.7)
      NuGet.LibraryModel (>= 4.7)
      NuGet.Protocol (>= 4.7)
    NuGet.Frameworks (4.7)
    NuGet.LibraryModel (4.7)
      NuGet.Common (>= 4.7)
      NuGet.Versioning (>= 4.7)
    NuGet.PackageManagement (4.7)
      Microsoft.Web.Xdt (>= 2.1.2)
      NuGet.Commands (>= 4.7)
      NuGet.Resolver (>= 4.7)
    NuGet.Packaging (4.7)
      Newtonsoft.Json (>= 9.0.1)
      NuGet.Packaging.Core (>= 4.7)
    NuGet.Packaging.Core (4.7)
      NuGet.Common (>= 4.7)
      NuGet.Versioning (>= 4.7)
    NuGet.ProjectModel (4.7)
      NuGet.DependencyResolver.Core (>= 4.7)
    NuGet.Protocol (4.7)
      NuGet.Configuration (>= 4.7)
      NuGet.Packaging (>= 4.7)
    NuGet.Resolver (4.7)
      NuGet.Protocol (>= 4.7)
    NuGet.Versioning (4.7)
    System.Runtime.CompilerServices.Unsafe (4.5.1)
    System.Threading.Tasks.Extensions (4.5.1)
      System.Runtime.CompilerServices.Unsafe (>= 4.5)
    xunit (2.3.1)
      xunit.analyzers (>= 0.7)
      xunit.assert (2.3.1)
      xunit.core (2.3.1)
    xunit.abstractions (2.0.1)
    xunit.analyzers (0.9)
    xunit.assert (2.3.1)
    xunit.core (2.3.1)
      xunit.extensibility.core (2.3.1)
      xunit.extensibility.execution (2.3.1)
    xunit.extensibility.core (2.3.1)
      xunit.abstractions (>= 2.0.1)
    xunit.extensibility.execution (2.3.1)
      xunit.extensibility.core (2.3.1)

GROUP modules
RESTRICTION: == net45
NUGET
  remote: https://www.nuget.org/api/v2
    Cake.Paket.Module (3.0)

GROUP tools
RESTRICTION: == net45
NUGET
  remote: https://www.nuget.org/api/v2
    Cake (0.21.1)
    Codecov (1.0.5)
    gitreleasemanager (0.7.1)
    GitVersion.CommandLine (3.6.5)
    OpenCover (4.6.519)
    xunit.runner.console (2.3.1)
